PATH
  remote: .
  specs:
    cijoe (0.9.2)
      choice
      json
      sinatra (~> 1.2.7)
      tinder (>= 1.4.0)

GEM
  remote: http://rubygems.org/
  specs:
    activesupport (3.1.3)
      multi_json (~> 1.0)
    addressable (2.2.6)
    choice (0.1.4)
    eventmachine (0.12.10)
    fakefs (0.4.0)
    faraday (0.7.5)
      addressable (~> 2.2.6)
      multipart-post (~> 1.1.3)
      rack (< 2, >= 1.1.0)
    faraday_middleware (0.7.0)
      faraday (~> 0.7.3)
    hashie (1.2.0)
    http_parser.rb (0.5.3)
    json (1.6.4)
    metaclass (0.0.1)
    mime-types (1.17.2)
    mocha (0.10.0)
      metaclass (~> 0.0.1)
    multi_json (1.0.4)
    multipart-post (1.1.4)
    rack (1.4.0)
    rack-test (0.6.1)
      rack (>= 1.0)
    rake (0.9.2.2)
    simple_oauth (0.1.5)
    sinatra (1.2.8)
      rack (~> 1.1)
      tilt (< 2.0, >= 1.2.2)
    tilt (1.3.3)
    tinder (1.8.0)
      activesupport (< 4, >= 2.3)
      eventmachine (~> 0.12)
      faraday (< 0.8, >= 0.6)
      faraday_middleware (< 0.8, >= 0.6)
      hashie (~> 1.0)
      mime-types (~> 1.16)
      multi_json (~> 1.0)
      multipart-post (~> 1.1)
      twitter-stream (~> 0.1)
    twitter-stream (0.1.14)
      eventmachine (>= 0.12.8)
      http_parser.rb (~> 0.5.1)
      simple_oauth (~> 0.1.4)

PLATFORMS
  ruby

DEPENDENCIES
  cijoe!
  fakefs
  mocha
  rack-test
  rake
